GIT
  remote: git://github.com/haml/haml.git
  revision: 0cc5c437a9019530816d1507794327667d2d73d0
  specs:
    haml (4.1.0.alpha.0)
      tilt

GEM
  remote: https://rubygems.org/
  specs:
    cuba (3.1.0)
      rack
    rack (1.5.2)
    rack-protection (1.4.0)
      rack
    shotgun (0.9)
      rack (>= 1.0)
    tilt (1.3.4)

PLATFORMS
  ruby

DEPENDENCIES
  cuba
  haml!
  rack-protection
  shotgun
  tilt
